GEM
  remote: https://rubygems.org/
  specs:
    minitest (5.10.1)
    ttytest (0.4.0)

PLATFORMS
  ruby

DEPENDENCIES
  minitest
  ttytest

BUNDLED WITH
   1.13.7
